GEM
  remote: https://rubygems.org/
  specs:
    pycall (1.5.2)

PLATFORMS
  ruby
  x86_64-linux

DEPENDENCIES
  pycall

BUNDLED WITH
   2.5.16
